GIT
  remote: https://github.com/klorenz/rack_dav.git
  revision: 9904306943c5e30a16bccbbcf7501e594930e2bb
  specs:
    rack_dav (0.4.1)
      ffi-xattr (~> 0.1)
      nokogiri (~> 1.5)
      rack (>= 1.4)

GEM
  remote: https://rubygems.org/
  specs:
    charlock_holmes (0.7.3)
    diff-lcs (1.2.5)
    ffi (1.9.10)
    ffi-xattr (0.1.2)
      ffi
    github-markup (1.3.3)
    gitlab-grit (2.7.3)
      charlock_holmes (~> 0.6)
      diff-lcs (~> 1.1)
      mime-types (~> 1.15)
      posix-spawn (~> 0.3)
    gollum (4.0.1)
      gollum-lib (~> 4.0, >= 4.0.1)
      kramdown (~> 1.8.0)
      mustache (>= 0.99.5, < 1.0.0)
      sinatra (~> 1.4, >= 1.4.4)
      useragent (~> 0.14.0)
    gollum-grit_adapter (1.0.0)
      gitlab-grit (~> 2.7, >= 2.7.1)
    gollum-lib (4.1.0)
      github-markup (~> 1.3.3)
      gollum-grit_adapter (~> 1.0)
      nokogiri (~> 1.6.4)
      rouge (~> 1.9)
      sanitize (~> 2.1.0)
      stringex (~> 2.5.1)
    kramdown (1.8.0)
    mime-types (1.25.1)
    mini_portile2 (2.0.0)
    mustache (0.99.8)
    nokogiri (1.6.7.2)
      mini_portile2 (~> 2.0.0.rc2)
    posix-spawn (0.3.11)
    rack (1.6.4)
    rack-protection (1.5.3)
      rack
    rack-test (0.6.3)
      rack (>= 1.0)
    rouge (1.10.1)
    rspec (3.4.0)
      rspec-core (~> 3.4.0)
      rspec-expectations (~> 3.4.0)
      rspec-mocks (~> 3.4.0)
    rspec-core (3.4.2)
      rspec-support (~> 3.4.0)
    rspec-expectations (3.4.0)
      diff-lcs (>= 1.2.0, < 2.0)
      rspec-support (~> 3.4.0)
    rspec-mocks (3.4.1)
      diff-lcs (>= 1.2.0, < 2.0)
      rspec-support (~> 3.4.0)
    rspec-support (3.4.1)
    sanitize (2.1.0)
      nokogiri (>= 1.4.4)
    sinatra (1.4.6)
      rack (~> 1.4)
      rack-protection (~> 1.4)
      tilt (>= 1.3, < 3)
    stringex (2.5.2)
    tilt (2.0.2)
    useragent (0.14.0)

PLATFORMS
  ruby

DEPENDENCIES
  gollum (~> 4.0)
  rack (~> 1.6.0)
  rack-test (~> 0.6.3)
  rack_dav!
  rspec (~> 3.4.0)
  sinatra (= 1.4.6)

BUNDLED WITH
   1.11.2
